GEM
  remote: https://rubygems.org/
  specs:
    ffaker (2.9.0)
    mustermann (1.0.2)
    puma (3.11.4)
    rack (2.0.6)
    rack-protection (2.0.3)
      rack
    sinatra (2.0.3)
      mustermann (~> 1.0)
      rack (~> 2.0)
      rack-protection (= 2.0.3)
      tilt (~> 2.0)
    tilt (2.0.8)

PLATFORMS
  ruby

DEPENDENCIES
  ffaker
  puma
  sinatra

BUNDLED WITH
   1.16.1
